GIT
  remote: https://github.com/unosmium/sciolyff.git
  revision: d22dd9ef194e75edd87532e3def9432311dffebd
  specs:
    sciolyff (0.9.1)
      optimist (~> 3.0)

GEM
  remote: https://rubygems.org/
  specs:
    nio4r (2.5.2)
    optimist (3.0.0)
    puma (4.3.3)
      nio4r (~> 2.0)
    rack (2.2.2)

PLATFORMS
  ruby

DEPENDENCIES
  puma
  rack
  sciolyff!

BUNDLED WITH
   2.1.4
