GEM
  remote: https://rubygems.org/
  specs:
    erubi (1.9.0)
    nio4r (2.5.7)
    optimist (3.0.1)
    psych (3.1.0)
    puma (4.3.8)
      nio4r (~> 2.0)
    rack (2.2.3)
    sciolyff (0.12.0)
      erubi (~> 1.9)
      optimist (~> 3.0)
      psych (~> 3.1)

PLATFORMS
  ruby

DEPENDENCIES
  puma
  rack
  sciolyff

RUBY VERSION
   ruby 2.7.1p83

BUNDLED WITH
   2.1.4
