GIT
  remote: https://github.com/unosmium/sciolyff.git
  revision: 2ea9132d9eb14ed9e804933e4fad28d840b99170
  specs:
    sciolyff (0.9.1)
      optimist (~> 3.0)

GEM
  specs:
    nio4r (2.5.2)
    optimist (3.0.0)
    puma (4.3.3)
      nio4r (~> 2.0)
    rack (2.2.2)

PLATFORMS
  ruby

DEPENDENCIES
  puma
  rack
  sciolyff!

BUNDLED WITH
   2.1.4
