GIT
  remote: https://github.com/unosmium/sciolyff.git
  revision: b67ba5e5d5890b80ff54534a8a5bfbae17ce6bd4
  specs:
    sciolyff (0.9.1)
      optimist (~> 3.0)

GEM
  specs:
    nio4r (2.5.2)
    optimist (3.0.0)
    puma (4.3.3)
      nio4r (~> 2.0)
    rack (2.2.2)

PLATFORMS
  ruby

DEPENDENCIES
  puma
  rack
  sciolyff!

BUNDLED WITH
   2.1.4
