GIT
  remote: https://github.com/unosmium/sciolyff.git
  revision: 6e6339b13c186babd89bfbd081924daf82f51755
  specs:
    sciolyff (0.10.0)
      erubi (~> 1.9)
      optimist (~> 3.0)
      psych (~> 3.1)

GEM
  remote: https://rubygems.org/
  specs:
    erubi (1.9.0)
    nio4r (2.5.2)
    optimist (3.0.1)
    psych (3.1.0)
    puma (4.3.3)
      nio4r (~> 2.0)
    rack (2.2.2)

PLATFORMS
  ruby

DEPENDENCIES
  puma
  rack
  sciolyff!

RUBY VERSION
   ruby 2.7.1p83

BUNDLED WITH
   2.1.4
