GIT
  remote: https://github.com/unosmium/sciolyff.git
  revision: 6175758ba203a5033b5b9d3ea03c6e972cb5da2b
  specs:
    sciolyff (0.9.1)
      optimist (~> 3.0)

GEM
  specs:
    nio4r (2.5.2)
    optimist (3.0.0)
    puma (4.3.3)
      nio4r (~> 2.0)
    rack (2.2.2)

PLATFORMS
  ruby

DEPENDENCIES
  puma
  rack
  sciolyff!

BUNDLED WITH
   2.1.4
