GIT
  remote: https://github.com/unosmium/sciolyff.git
  revision: 35a50c869be5421360a6b118d47544c2bb831599
  specs:
    sciolyff (0.9.1)
      optimist (~> 3.0)

GEM
  remote: https://rubygems.org/
  specs:
    nio4r (2.5.2)
    optimist (3.0.0)
    puma (4.3.3)
      nio4r (~> 2.0)
    rack (2.2.2)

PLATFORMS
  ruby

DEPENDENCIES
  puma
  rack
  sciolyff!

RUBY VERSION
   ruby 2.7.1p83

BUNDLED WITH
   2.1.4
